GEM
  remote: https://rubygems.org/
  specs:
    builder (3.2.2)
    byebug (8.2.2)
    cucumber (1.1.3)
      builder (>= 2.1.2)
      diff-lcs (>= 1.1.2)
      gherkin (~> 2.6.7)
      json (>= 1.4.6)
      term-ansicolor (>= 1.0.6)
    diff-lcs (1.2.5)
    gherkin (2.6.9)
      json (>= 1.4.6)
    json (1.8.3)
    rspec (3.4.0)
      rspec-core (~> 3.4.0)
      rspec-expectations (~> 3.4.0)
      rspec-mocks (~> 3.4.0)
    rspec-core (3.4.4)
      rspec-support (~> 3.4.0)
    rspec-expectations (3.4.0)
      diff-lcs (>= 1.2.0, < 2.0)
      rspec-support (~> 3.4.0)
    rspec-mocks (3.4.1)
      diff-lcs (>= 1.2.0, < 2.0)
      rspec-support (~> 3.4.0)
    rspec-support (3.4.1)
    term-ansicolor (1.3.2)
      tins (~> 1.0)
    tins (1.9.0)

PLATFORMS
  x64-mingw32

DEPENDENCIES
  byebug
  cucumber (= 1.1.3)
  rspec

BUNDLED WITH
   1.11.2
